NUGET
  remote: https://www.nuget.org/api/v2
  specs:
    FAKE (4.22.6)
    FSharp.Core (4.0.0.1)
    Suave (1.1.1)
      FSharp.Core (>= 3.1.2.5)
    Suave.Experimental (1.1.1)
      FSharp.Core (>= 3.1.2.5)
      Suave (>= 1.1.1)
